{
	"Modality": "MR",
	"MagneticFieldStrength": 7,
	"ImagingFrequency": 297.094,
	"Manufacturer": "Siemens",
	"ManufacturersModelName": "Investigational_Device_7T",
	"InstitutionName": "USC Neuroimaging",
	"InstitutionalDepartmentName": "Department",
	"InstitutionAddress": "Zonal Ave 2025,Los Angeles,Los Angeles,US,90033",
	"DeviceSerialNumber": "79004",
	"StationName": "AWP79004",
	"BodyPartExamined": "BRAIN",
	"PatientPosition": "HFS",
	"ProcedureStepDescription": "MRS^Rizor_UCSB_Final",
	"SoftwareVersions": "syngo MR E12",
	"MRAcquisitionType": "2D",
	"SeriesDescription": "ep2d_bold_1.5mm_MB4_HCP_AP_CMRR_3TE_1.5mm_SBRef",
	"ProtocolName": "ep2d_bold_1.5mm_MB4_HCP_AP_CMRR_3TE_1.5mm",
	"ScanningSequence": "EP",
	"SequenceVariant": "SK\\SS",
	"ScanOptions": "FS\\EXT",
	"SequenceName": "epfid2d3_102",
	"ImageType": ["ORIGINAL", "PRIMARY", "M", "TE2", "ND", "MOSAIC"],
	"SeriesNumber": 5,
	"AcquisitionTime": "12:11:0.267500",
	"AcquisitionNumber": 1,
	"ImageComments": "Single-band reference",
	"SliceThickness": 1.5,
	"SpacingBetweenSlices": 1.5,
	"SAR": 0.11468,
	"EchoNumber": 2,
	"EchoTime": 0.03387,
	"RepetitionTime": 2.1,
	"FlipAngle": 70,
	"PartialFourier": 1,
	"BaseResolution": 100,
	"ShimSetting": [
		145,
		-86,
		506,
		241,
		118,
		459,
		99,
		-217	],
	"TxRefAmp": 242.449,
	"PhaseResolution": 1,
	"ReceiveCoilName": "8Tx32Rx_Head",
	"CoilString": "AC",
	"PulseSequenceDetails": "%CustomerSeq%\\cmrr_mbep2d_bold",
	"WipMemBlock": "9c6fb623-77b7-405b-8a89-b3763ce76610||Sequence: R016 ve12u/SP01_R016a r/af3652dd; Apr  1 2021 14:05:17 by eja",
	"RefLinesPE": 42,
	"ConsistencyInfo": "N4_VE12U_LATEST_20181126",
	"PercentPhaseFOV": 102,
	"PercentSampling": 100,
	"EchoTrainLength": 33,
	"PhaseEncodingSteps": 100,
	"AcquisitionMatrixPE": 102,
	"ReconMatrixPE": 102,
	"BandwidthPerPixelPhaseEncode": 55.494,
	"ParallelReductionFactorInPlane": 3,
	"EffectiveEchoSpacing": 0.000176666,
	"DerivedVendorReportedEchoSpacing": 0.000529999,
	"TotalReadoutTime": 0.0178433,
	"PixelBandwidth": 2380,
	"DwellTime": 2.1e-06,
	"PhaseEncodingDirection": "j",
	"SliceTiming": [
		0,
		0.085,
		0.17,
		0.2525,
		0.3375,
		0.42,
		0.505,
		0.59,
		0.6725,
		0.7575,
		0.84,
		0.925,
		1.01,
		1.0925,
		1.1775,
		1.26,
		1.345,
		1.43,
		1.5125,
		1.5975,
		1.68,
		1.765,
		1.85,
		1.9325,
		2.0175,
		2.1,
		2.185,
		2.27,
		2.3525,
		2.4375,
		2.52,
		2.605,
		2.6875,
		2.7725,
		2.8575,
		2.94,
		3.025,
		3.1075,
		3.1925,
		3.2775,
		3.36,
		3.445,
		3.5275,
		3.6125,
		3.6975,
		3.78,
		3.865,
		3.9475,
		4.0325,
		4.1175,
		4.2,
		4.285,
		4.3675,
		4.4525,
		4.5375,
		4.62,
		4.705,
		4.7875,
		4.8725,
		4.9575,
		5.04,
		5.125,
		5.2075,
		5.2925,
		5.3775,
		5.46,
		5.545,
		5.6275,
		5.7125,
		5.7975,
		5.88,
		5.965,
		6.0475,
		6.1325,
		6.2175,
		6.3,
		6.385,
		6.4675,
		6.5525,
		6.6375,
		6.72,
		6.805,
		6.8875,
		6.9725,
		7.055,
		7.14,
		7.225,
		7.3075,
		7.3925,
		7.475,
		7.56,
		7.645,
		7.7275,
		7.8125,
		7.895,
		7.98,
		8.065,
		8.1475,
		8.2325,
		8.315	],
	"ImageOrientationPatientDICOM": [
		1,
		0,
		0,
		0,
		1,
		0	],
	"InPlanePhaseEncodingDirectionDICOM": "COL",
	"ConversionSoftware": "dcm2niix",
	"ConversionSoftwareVersion": "v1.0.20210317"
}
