{
	"Modality": "MR",
	"MagneticFieldStrength": 7,
	"ImagingFrequency": 297.048,
	"Manufacturer": "Siemens",
	"ManufacturersModelName": "Investigational_Device_7T",
	"InstitutionName": "USC_Neuroimaging",
	"InstitutionalDepartmentName": "Department",
	"InstitutionAddress": "Zonal_Ave_2025_Los_Angeles_Los_Angeles_US_90033",
	"DeviceSerialNumber": "79004",
	"StationName": "AWP79004",
	"BodyPartExamined": "BRAIN",
	"PatientPosition": "HFS",
	"ProcedureStepDescription": "MRS_Rizor_UCSB_Final",
	"SoftwareVersions": "syngo_MR_E12",
	"MRAcquisitionType": "2D",
	"SeriesDescription": "ep2d_bold_1.5mm_MB4_HCP_AP_CMRR_3TE_1.5mm",
	"ProtocolName": "ep2d_bold_1.5mm_MB4_HCP_AP_CMRR_3TE_1.5mm",
	"ScanningSequence": "EP",
	"SequenceVariant": "SK_SS",
	"ScanOptions": "FS_EXT",
	"SequenceName": "epfid2d3_102",
	"ImageType": ["ORIGINAL", "PRIMARY", "M", "MB", "TE2", "ND", "MOSAIC"],
	"SeriesNumber": 6,
	"AcquisitionTime": "11:55:8.940000",
	"AcquisitionNumber": 1,
	"ImageComments": "Unaliased_MB4_PE4_LB",
	"SliceThickness": 1.5,
	"SpacingBetweenSlices": 1.5,
	"SAR": 0.0974711,
	"EchoNumber": 2,
	"EchoTime": 0.03423,
	"RepetitionTime": 2.1,
	"FlipAngle": 70,
	"PartialFourier": 1,
	"BaseResolution": 100,
	"ShimSetting": [
		148,
		-37,
		626,
		227,
		78,
		541,
		107,
		29	],
	"TxRefAmp": 234.582,
	"PhaseResolution": 1,
	"ReceiveCoilName": "8Tx32Rx_Head",
	"CoilString": "AC",
	"PulseSequenceDetails": "%CustomerSeq%_cmrr_mbep2d_bold",
	"WipMemBlock": "4812dc29-e364-43c9-b808-1a6c8427572d||Sequence: R016 ve12u/SP01_R016a r/af3652dd; Apr  1 2021 14:05:17 by eja",
	"RefLinesPE": 42,
	"ConsistencyInfo": "N4_VE12U_LATEST_20181126",
	"MultibandAccelerationFactor": 4,
	"PercentPhaseFOV": 102,
	"PercentSampling": 100,
	"EchoTrainLength": 33,
	"PhaseEncodingSteps": 100,
	"AcquisitionMatrixPE": 102,
	"ReconMatrixPE": 102,
	"BandwidthPerPixelPhaseEncode": 54.466,
	"ParallelReductionFactorInPlane": 3,
	"EffectiveEchoSpacing": 0.000180001,
	"DerivedVendorReportedEchoSpacing": 0.000540002,
	"TotalReadoutTime": 0.0181801,
	"PixelBandwidth": 2380,
	"DwellTime": 2.1e-06,
	"PhaseEncodingDirection": "j",
	"SliceTiming": [
		0,
		1.1,
		0.1,
		1.2,
		0.2,
		1.3,
		0.3,
		1.4,
		0.4,
		1.5,
		0.5,
		1.6,
		0.6,
		1.7,
		0.7,
		1.8,
		0.8,
		1.9,
		0.9,
		2,
		1,
		0,
		1.1,
		0.1,
		1.2,
		0.2,
		1.3,
		0.3,
		1.4,
		0.4,
		1.5,
		0.5,
		1.6,
		0.6,
		1.7,
		0.7,
		1.8,
		0.8,
		1.9,
		0.9,
		2,
		1,
		0,
		1.1,
		0.1,
		1.2,
		0.2,
		1.3,
		0.3,
		1.4,
		0.4,
		1.5,
		0.5,
		1.6,
		0.6,
		1.7,
		0.7,
		1.8,
		0.8,
		1.9,
		0.9,
		2,
		1,
		0,
		1.1,
		0.1,
		1.2,
		0.2,
		1.3,
		0.3,
		1.4,
		0.4,
		1.5,
		0.5,
		1.6,
		0.6,
		1.7,
		0.7,
		1.8,
		0.8,
		1.9,
		0.9,
		2,
		1	],
	"ImageOrientationPatientDICOM": [
		1,
		0,
		0,
		0,
		0.995562,
		-0.0941083	],
	"InPlanePhaseEncodingDirectionDICOM": "COL",
	"ConversionSoftware": "dcm2niix",
	"ConversionSoftwareVersion": "v1.0.20200331"
}
