{
	"Modality": "MR",
	"MagneticFieldStrength": 7,
	"ImagingFrequency": 297.094,
	"Manufacturer": "Siemens",
	"ManufacturersModelName": "Investigational_Device_7T",
	"InstitutionName": "USC Neuroimaging",
	"InstitutionalDepartmentName": "Department",
	"InstitutionAddress": "Zonal Ave 2025,Los Angeles,Los Angeles,US,90033",
	"DeviceSerialNumber": "79004",
	"StationName": "AWP79004",
	"BodyPartExamined": "BRAIN",
	"PatientPosition": "HFS",
	"ProcedureStepDescription": "MRS^Rizor_UCSB_Final",
	"SoftwareVersions": "syngo MR E12",
	"MRAcquisitionType": "2D",
	"SeriesDescription": "ep2d_bold_1.5mm_MB4_HCP_AP_CMRR_3TE_1.5mm",
	"ProtocolName": "ep2d_bold_1.5mm_MB4_HCP_AP_CMRR_3TE_1.5mm",
	"ScanningSequence": "EP",
	"SequenceVariant": "SK\\SS",
	"ScanOptions": "FS\\EXT",
	"SequenceName": "epfid2d3_102",
	"ImageType": ["ORIGINAL", "PRIMARY", "M", "MB", "TE3", "ND", "MOSAIC"],
	"SeriesNumber": 6,
	"AcquisitionTime": "11:20:56.157500",
	"AcquisitionNumber": 1,
	"ImageComments": "Unaliased MB4/PE4/LB",
	"SliceThickness": 1.5,
	"SpacingBetweenSlices": 1.5,
	"SAR": 0.121026,
	"EchoNumber": 3,
	"EchoTime": 0.05254,
	"RepetitionTime": 2.1,
	"FlipAngle": 70,
	"PartialFourier": 1,
	"BaseResolution": 100,
	"ShimSetting": [
		122,
		-75,
		608,
		308,
		-25,
		-1,
		196,
		-42	],
	"TxRefAmp": 274.352,
	"PhaseResolution": 1,
	"ReceiveCoilName": "8Tx32Rx_Head",
	"CoilString": "AC",
	"PulseSequenceDetails": "%CustomerSeq%\\cmrr_mbep2d_bold",
	"WipMemBlock": "8cfc3196-5311-45da-af2d-e75cd8c59e95||Sequence: R016 ve12u/SP01_R016a r/af3652dd; Apr  1 2021 14:05:17 by eja",
	"RefLinesPE": 42,
	"ConsistencyInfo": "N4_VE12U_LATEST_20181126",
	"MultibandAccelerationFactor": 4,
	"PercentPhaseFOV": 102,
	"PercentSampling": 100,
	"EchoTrainLength": 33,
	"PhaseEncodingSteps": 100,
	"AcquisitionMatrixPE": 102,
	"ReconMatrixPE": 102,
	"BandwidthPerPixelPhaseEncode": 55.494,
	"ParallelReductionFactorInPlane": 3,
	"EffectiveEchoSpacing": 0.000176666,
	"DerivedVendorReportedEchoSpacing": 0.000529999,
	"TotalReadoutTime": 0.0178433,
	"PixelBandwidth": 2380,
	"DwellTime": 2.1e-06,
	"PhaseEncodingDirection": "j",
	"SliceTiming": [
		0,
		1.0925,
		0.085,
		1.175,
		0.1675,
		1.26,
		0.2525,
		1.3425,
		0.335,
		1.4275,
		0.42,
		1.5125,
		0.505,
		1.595,
		0.5875,
		1.68,
		0.6725,
		1.7625,
		0.755,
		1.8475,
		0.84,
		1.9325,
		0.925,
		2.015,
		1.0075,
		0,
		1.0925,
		0.085,
		1.175,
		0.1675,
		1.26,
		0.2525,
		1.3425,
		0.335,
		1.4275,
		0.42,
		1.5125,
		0.505,
		1.595,
		0.5875,
		1.68,
		0.6725,
		1.7625,
		0.755,
		1.8475,
		0.84,
		1.9325,
		0.925,
		2.015,
		1.0075,
		0,
		1.0925,
		0.085,
		1.175,
		0.1675,
		1.26,
		0.2525,
		1.3425,
		0.335,
		1.4275,
		0.42,
		1.5125,
		0.505,
		1.595,
		0.5875,
		1.68,
		0.6725,
		1.7625,
		0.755,
		1.8475,
		0.84,
		1.9325,
		0.925,
		2.015,
		1.0075,
		0,
		1.0925,
		0.085,
		1.175,
		0.1675,
		1.26,
		0.2525,
		1.3425,
		0.335,
		1.4275,
		0.42,
		1.5125,
		0.505,
		1.595,
		0.5875,
		1.68,
		0.6725,
		1.7625,
		0.755,
		1.8475,
		0.84,
		1.9325,
		0.925,
		2.015,
		1.0075	],
	"ImageOrientationPatientDICOM": [
		1,
		0,
		0,
		0,
		1,
		0	],
	"InPlanePhaseEncodingDirectionDICOM": "COL",
	"ConversionSoftware": "dcm2niix",
	"ConversionSoftwareVersion": "v1.0.20210317"
}
